GEM
  remote: http://rubygems.org/
  remote: http://gemcutter.org/
  specs:
    actionmailer (2.3.5)
      actionpack (= 2.3.5)
    actionpack (2.3.5)
      activesupport (= 2.3.5)
      rack (~> 1.0.0)
    activerecord (2.3.5)
      activesupport (= 2.3.5)
    activeresource (2.3.5)
      activesupport (= 2.3.5)
    activesupport (2.3.5)
    authlogic (2.1.2)
      activesupport
    builder (2.1.2)
    cucumber (0.6.2)
      builder (>= 2.1.2)
      diff-lcs (>= 1.1.2)
      json_pure (>= 1.2.0)
      polyglot (>= 0.2.9)
      term-ansicolor (>= 1.0.4)
      treetop (>= 1.4.2)
    cucumber-rails (0.3.0)
      cucumber (>= 0.6.2)
    database_cleaner (0.5.2)
    diff-lcs (1.1.2)
    haml (2.2.19)
    hanna (0.1.12)
      haml (~> 2.2.8)
      rake (~> 0.8.2)
      rdoc (~> 2.3.0)
    json_pure (1.4.6)
    marc (0.3.0)
    nokogiri (1.4.3.1)
    polyglot (0.3.1)
    rack (1.0.1)
    rack-test (0.5.4)
      rack (>= 1.0)
    rails (2.3.5)
      actionmailer (= 2.3.5)
      actionpack (= 2.3.5)
      activerecord (= 2.3.5)
      activeresource (= 2.3.5)
      activesupport (= 2.3.5)
      rake (>= 0.8.3)
    rake (0.8.7)
    rcov (0.9.9)
    rdoc (2.3.0)
    rsolr (0.12.1)
      builder (>= 2.1.2)
    rsolr-ext (0.12.1)
      rsolr (>= 0.12.1)
    rspec (1.3.0)
    rspec-rails (1.3.2)
      rack (>= 1.0.0)
      rspec (>= 1.3.0)
    sqlite3-ruby (1.3.1)
    term-ansicolor (1.0.5)
    treetop (1.4.8)
      polyglot (>= 0.3.1)
    unicode (0.3.1)
    webrat (0.7.1)
      nokogiri (>= 1.2.0)
      rack (>= 1.0)
      rack-test (>= 0.5.3)
    will_paginate (2.3.11)

PLATFORMS
  ruby

DEPENDENCIES
  authlogic (= 2.1.2)
  cucumber (= 0.6.2)
  cucumber-rails (>= 0.2.4)
  database_cleaner (>= 0.4.3)
  haml (= 2.2.19)
  hanna (>= 0.1.12)
  marc (= 0.3.0)
  rails (= 2.3.5)
  rcov (>= 0.9.7.1)
  rdoc (= 2.3.0)
  rsolr (= 0.12.1)
  rsolr-ext (= 0.12.1)
  rspec (= 1.3.0)
  rspec-rails (= 1.3.2)
  sqlite3-ruby
  unicode
  webrat (>= 0.7.0)
  will_paginate (= 2.3.11)
